GIT
  remote: git://github.com/plexus/rmmseg.git
  revision: 73fb91682ddf955e6e72722cc3f2adbecaf7508d
  specs:
    rmmseg (0.1.6)

PATH
  remote: .
  specs:
    zhsrt (0)
      analects

PATH
  remote: /home/arne/github/analects
  specs:
    analects (0.2.0)
      activesupport (>= 3.1)
      rmmseg
      rom

GEM
  remote: https://rubygems.org/
  specs:
    abstract_type (0.0.7)
    activesupport (4.0.3)
      i18n (~> 0.6, >= 0.6.4)
      minitest (~> 4.2)
      multi_json (~> 1.3)
      thread_safe (~> 0.1)
      tzinfo (~> 0.3.37)
    adamantium (0.2.0)
      ice_nine (~> 0.11.0)
      memoizable (~> 0.4.0)
    addressable (2.3.5)
    atomic (1.1.14)
    axiom (0.1.1)
      abstract_type (~> 0.0.5)
      adamantium (~> 0.1)
      axiom-types (~> 0.0.3)
      descendants_tracker (~> 0.0.1)
      equalizer (~> 0.0.7)
    axiom-optimizer (0.1.1)
      axiom (~> 0.1.0)
    axiom-types (0.0.5)
      descendants_tracker (~> 0.0.1)
      ice_nine (~> 0.9)
    concord (0.1.4)
      adamantium (~> 0.1)
      equalizer (~> 0.0.7)
    descendants_tracker (0.0.3)
    diff-lcs (1.2.5)
    docile (1.1.3)
    equalizer (0.0.9)
    i18n (0.6.9)
    ice_nine (0.11.0)
    memoizable (0.4.0)
      thread_safe (~> 0.1.3)
    minitest (4.7.5)
    multi_json (1.8.4)
    rake (10.1.1)
    rom (0.1.2)
      rom-mapper (~> 0.1.1)
      rom-relation (~> 0.1.2)
      rom-session (~> 0.1.1)
    rom-mapper (0.1.1)
      abstract_type (~> 0.0.6)
      adamantium (~> 0.1)
      concord (~> 0.1.4)
      descendants_tracker (~> 0.0.1)
      equalizer (~> 0.0.7)
    rom-relation (0.1.2)
      abstract_type (~> 0.0.6)
      adamantium (~> 0.1)
      addressable (~> 2.3, >= 2.3.3)
      axiom (~> 0.1.1)
      axiom-optimizer (~> 0.1.1)
      concord (~> 0.1.4)
      descendants_tracker (~> 0.0.1)
      equalizer (~> 0.0.7)
    rom-session (0.1.1)
      abstract_type (~> 0.0.6)
      adamantium (~> 0.1)
      concord (~> 0.1.4)
      equalizer (~> 0.0.7)
    rspec (2.14.1)
      rspec-core (~> 2.14.0)
      rspec-expectations (~> 2.14.0)
      rspec-mocks (~> 2.14.0)
    rspec-core (2.14.7)
    rspec-expectations (2.14.5)
      diff-lcs (>= 1.1.3, < 2.0)
    rspec-mocks (2.14.6)
    rubygems-tasks (0.2.4)
    simplecov (0.8.2)
      docile (~> 1.1.0)
      multi_json
      simplecov-html (~> 0.8.0)
    simplecov-html (0.8.0)
    thread_safe (0.1.3)
      atomic
    tzinfo (0.3.38)

PLATFORMS
  ruby

DEPENDENCIES
  analects!
  rake
  rmmseg!
  rspec
  rubygems-tasks
  simplecov
  zhsrt!
